GIT
  remote: git://github.com/locomotivecms/engine.git
  revision: 85cabafe677c7dd367a07eb15bbad5623c9ce3b3
  specs:
    locomotive_cms (1.0.0.rc1)
      RedCloth (= 4.2.8)
      actionmailer-with-request
      bson_ext (~> 1.4.0)
      bushido
      cancan (~> 1.6.0)
      carrierwave (= 0.5.6)
      cells
      custom_fields (= 1.0.0.beta.25)
      delayed_job (= 2.1.4)
      delayed_job_mongoid (= 1.0.2)
      devise (= 1.3.4)
      devise_bushido_authenticatable (= 1.0.0.alpha10)
      dragonfly (~> 0.9.1)
      fog (= 0.8.2)
      formtastic (~> 1.2.3)
      haml (= 3.1.2)
      heroku (= 1.19.1)
      highline
      httparty (= 0.7.8)
      inherited_resources (~> 1.1.2)
      json_pure (= 1.5.1)
      locomotive_jammit-s3
      locomotive_liquid (= 2.2.2)
      locomotive_mongoid_acts_as_tree (= 0.1.5.7)
      mimetype-fu
      mongoid (~> 2.0.2)
      rack-cache
      rails (~> 3.0.10)
      rmagick (= 2.12.2)
      rubyzip
      sanitize
      sass (= 3.1.2)
      warden
      will_paginate (~> 3.0.0)

GEM
  remote: http://rubygems.org/
  specs:
    POpen4 (0.1.4)
      Platform (>= 0.4.0)
      open4
    Platform (0.4.0)
    RedCloth (4.2.8)
    abstract (1.0.0)
    actionmailer (3.0.10)
      actionpack (= 3.0.10)
      mail (~> 2.2.19)
    actionmailer-with-request (0.3.0)
      rails (>= 3)
    actionpack (3.0.10)
      activemodel (= 3.0.10)
      activesupport (= 3.0.10)
      builder (~> 2.1.2)
      erubis (~> 2.6.6)
      i18n (~> 0.5.0)
      rack (~> 1.2.1)
      rack-mount (~> 0.6.14)
      rack-test (~> 0.5.7)
      tzinfo (~> 0.3.23)
    activemodel (3.0.10)
      activesupport (= 3.0.10)
      builder (~> 2.1.2)
      i18n (~> 0.5.0)
    activerecord (3.0.10)
      activemodel (= 3.0.10)
      activesupport (= 3.0.10)
      arel (~> 2.0.10)
      tzinfo (~> 0.3.23)
    activeresource (3.0.10)
      activemodel (= 3.0.10)
      activesupport (= 3.0.10)
    activesupport (3.0.10)
    arel (2.0.10)
    bcrypt-ruby (2.1.4)
    bson (1.4.0)
    bson_ext (1.4.0)
    builder (2.1.2)
    bushido (0.0.35)
      highline (>= 1.6.1)
      json (>= 1.4.6)
      orm_adapter (~> 0.0.3)
      rest-client (>= 1.6.1)
    cancan (1.6.7)
    carrierwave (0.5.6)
      activesupport (~> 3.0)
    cells (3.7.0)
      actionpack (~> 3.0)
      railties (~> 3.0)
    coderay (0.9.8)
    configuration (1.3.1)
    crack (0.1.8)
    custom_fields (1.0.0.beta.25)
      activesupport (~> 3.0.9)
      mongoid (= 2.0.2)
    daemons (1.1.4)
    delayed_job (2.1.4)
      activesupport (~> 3.0)
      daemons
    delayed_job_mongoid (1.0.2)
      delayed_job (~> 2.1.1)
      mongoid (~> 2.0.0.rc)
    devise (1.3.4)
      bcrypt-ruby (~> 2.1.2)
      orm_adapter (~> 0.0.3)
      warden (~> 1.0.3)
    devise_bushido_authenticatable (1.0.0.alpha10)
      devise
      devise (>= 1.0.6)
      rubycas-client (>= 2.2.1)
    diff-lcs (1.1.3)
    dragonfly (0.9.8)
      rack
    erubis (2.6.6)
      abstract (>= 1.0.0)
    excon (0.6.6)
    fog (0.8.2)
      builder
      excon (~> 0.6.1)
      formatador (>= 0.1.3)
      json
      mime-types
      net-ssh (>= 2.1.3)
      nokogiri (>= 1.4.4)
      ruby-hmac
    formatador (0.2.1)
    formtastic (1.2.4)
      actionpack (>= 2.3.7)
      activesupport (>= 2.3.7)
      i18n (~> 0.4)
    haml (3.1.2)
    has_scope (0.5.1)
    heroku (1.19.1)
      activesupport (>= 2.1.0)
      launchy (~> 0.3.2)
      rest-client (>= 1.4.0, < 1.7.0)
    highline (1.6.2)
    httparty (0.7.8)
      crack (= 0.1.8)
    i18n (0.5.0)
    inherited_resources (1.1.2)
      has_scope (~> 0.5.0)
      responders (~> 0.6.0)
    jammit (0.6.3)
      yui-compressor (>= 0.9.3)
    jquery-rails (1.0.16)
      railties (~> 3.0)
      thor (~> 0.14)
    json (1.6.1)
    json_pure (1.5.1)
    launchy (0.3.7)
      configuration (>= 0.0.5)
      rake (>= 0.8.1)
    locomotive_jammit-s3 (0.5.4.4)
      jammit (>= 0.5.4)
      mimemagic (>= 0.1.7)
      s3 (>= 0.3.7)
    locomotive_liquid (2.2.2)
    locomotive_mongoid_acts_as_tree (0.1.5.7)
      mongoid (= 2.0.2)
    mail (2.2.19)
      activesupport (>= 2.3.6)
      i18n (>= 0.4.0)
      mime-types (~> 1.16)
      treetop (~> 1.4.8)
    method_source (0.6.6)
      ruby_parser (~> 2.0.5)
    mime-types (1.16)
    mimemagic (0.1.8)
    mimetype-fu (0.1.2)
    mongo (1.4.0)
      bson (= 1.4.0)
    mongoid (2.0.2)
      activemodel (~> 3.0)
      mongo (~> 1.3)
      tzinfo (~> 0.3.22)
    net-ssh (2.2.1)
    nokogiri (1.5.0)
    open4 (1.2.0)
    orm_adapter (0.0.5)
    polyglot (0.3.2)
    proxies (0.2.1)
    pry (0.9.6.2)
      coderay (~> 0.9.8)
      method_source (~> 0.6.5)
      ruby_parser (~> 2.0.5)
      slop (~> 2.1.0)
    pry-doc (0.3.0)
      pry (>= 0.9.0)
      yard (>= 0.6.4)
    pry-rails (0.0.4)
      pry
      pry-doc
    rack (1.2.4)
    rack-cache (1.1)
      rack (>= 0.4)
    rack-mount (0.6.14)
      rack (>= 1.0.0)
    rack-test (0.5.7)
      rack (>= 1.0)
    rails (3.0.10)
      actionmailer (= 3.0.10)
      actionpack (= 3.0.10)
      activerecord (= 3.0.10)
      activeresource (= 3.0.10)
      activesupport (= 3.0.10)
      bundler (~> 1.0)
      railties (= 3.0.10)
    railties (3.0.10)
      actionpack (= 3.0.10)
      activesupport (= 3.0.10)
      rake (>= 0.8.7)
      rdoc (~> 3.4)
      thor (~> 0.14.4)
    rake (0.9.2)
    rdoc (3.10)
      json (~> 1.4)
    responders (0.6.4)
    rest-client (1.6.7)
      mime-types (>= 1.16)
    rmagick (2.12.2)
    rspec (2.6.0)
      rspec-core (~> 2.6.0)
      rspec-expectations (~> 2.6.0)
      rspec-mocks (~> 2.6.0)
    rspec-core (2.6.4)
    rspec-expectations (2.6.0)
      diff-lcs (~> 1.1.2)
    rspec-mocks (2.6.0)
    rspec-rails (2.6.1)
      actionpack (~> 3.0)
      activesupport (~> 3.0)
      railties (~> 3.0)
      rspec (~> 2.6.0)
    ruby-hmac (0.4.0)
    ruby_parser (2.0.6)
      sexp_processor (~> 3.0)
    rubycas-client (2.2.1)
      activesupport
    rubyzip (0.9.4)
    s3 (0.3.8)
      proxies (~> 0.2.0)
    sanitize (2.0.3)
      nokogiri (>= 1.4.4, < 1.6)
    sass (3.1.2)
    sexp_processor (3.0.7)
    slop (2.1.0)
    thor (0.14.6)
    treetop (1.4.10)
      polyglot
      polyglot (>= 0.3.1)
    tzinfo (0.3.30)
    warden (1.0.6)
      rack (>= 1.0)
    will_paginate (3.0.2)
    yard (0.7.3)
    yui-compressor (0.9.6)
      POpen4 (>= 0.1.4)

PLATFORMS
  ruby

DEPENDENCIES
  jquery-rails
  locomotive_cms!
  pry-rails
  rails (= 3.0.10)
  rspec-rails
